PATH
  remote: .
  specs:
    bitmask_attributes (0.1.0)
      activerecord (~> 3.0)

GEM
  remote: http://rubygems.org/
  specs:
    activemodel (3.0.9)
      activesupport (= 3.0.9)
      builder (~> 2.1.2)
      i18n (~> 0.5.0)
    activerecord (3.0.9)
      activemodel (= 3.0.9)
      activesupport (= 3.0.9)
      arel (~> 2.0.10)
      tzinfo (~> 0.3.23)
    activesupport (3.0.9)
    ansi (1.3.0)
    arel (2.0.10)
    builder (2.1.2)
    i18n (0.5.0)
    shoulda (2.11.3)
    sqlite3 (1.3.3)
    turn (0.8.2)
      ansi (>= 1.2.2)
    tzinfo (0.3.29)

PLATFORMS
  ruby

DEPENDENCIES
  bitmask_attributes!
  shoulda
  sqlite3
  turn
